GEM
  remote: https://rubygems.org/
  specs:
    coderay (1.1.0)
    kramdown (1.4.2)
    rake (12.3.3)

PLATFORMS
  ruby

DEPENDENCIES
  coderay
  kramdown
  rake
